GEM
  remote: http://rubygems.org/
  specs:
    addressable (2.3.3)
    builder (3.2.0)
    chunky_png (1.2.6)
    compass (0.12.2)
      chunky_png (~> 1.2)
      fssm (>= 0.2.7)
      sass (~> 3.1)
    dm-core (1.2.1)
      addressable (~> 2.3)
    dm-migrations (1.2.0)
      dm-core (~> 1.2.0)
    dm-timestamps (1.2.0)
      dm-core (~> 1.2.0)
    dm-validations (1.2.0)
      dm-core (~> 1.2.0)
    fileutils (0.7)
      rmagick (>= 2.13.1)
    fssm (0.2.10)
    haml (4.0.0)
      tilt
    pg (0.15.1)
    puma (1.6.3)
      rack (~> 1.2)
    rack (1.5.2)
    rack-flash (0.1.2)
      rack
    rack-protection (1.4.0)
      rack
    rack-test (0.6.2)
      rack (>= 1.0)
    racksh (1.0.0)
      rack (>= 1.0)
      rack-test (>= 0.5)
    rake (10.0.3)
    rmagick (2.13.2)
    rufus-tokyo (1.0.7)
    sass (3.2.6)
    sequel (3.45.0)
    shotgun (0.9)
      rack (>= 1.0)
    sinatra (1.3.5)
      rack (~> 1.4)
      rack-protection (~> 1.3)
      tilt (~> 1.3, >= 1.3.3)
    sinatra-authentication (0.4.1)
      dm-core
      dm-migrations
      dm-timestamps
      dm-validations
      rack-flash
      rufus-tokyo
      sinatra
      sinbook
    sinbook (0.1.9)
      yajl-ruby
    tilt (1.3.4)
    yajl-ruby (1.1.0)
    zurb-foundation (4.0.3)
      rake
      sass (>= 3.2.0)

PLATFORMS
  ruby

DEPENDENCIES
  builder
  compass
  fileutils
  haml
  pg (~> 0.15.1)
  puma
  racksh
  rake
  sequel
  shotgun
  sinatra
  sinatra-authentication
  zurb-foundation
